PATH
  remote: .
  specs:
    greatest (0.1.0)
      nokogiri

GEM
  remote: https://rubygems.org/
  specs:
    coderay (1.1.2)
    colorize (0.8.1)
    daily_deal (0.1.0)
      nokogiri (~> 1.8.5)
    ffi (1.12.2)
    method_source (0.9.2)
    mini_portile2 (2.3.0)
    nokogiri (1.8.5)
      mini_portile2 (~> 2.3.0)
    pry (0.12.2)
      coderay (~> 1.1.0)
      method_source (~> 0.9.0)
    rake (10.5.0)
    rb-fsevent (0.10.3)
    rb-inotify (0.10.1)
      ffi (~> 1.0)
    sass (3.7.4)
      sass-listen (~> 4.0.0)
    sass-listen (4.0.0)
      rb-fsevent (~> 0.9, >= 0.9.4)
      rb-inotify (~> 0.9, >= 0.9.7)
    true (2.2.2)
      sass (~> 3.4)

PLATFORMS
  ruby

DEPENDENCIES
  bundler (~> 2.0)
  colorize (~> 0.8.1)
  daily_deal
  greatest!
  pry
  rake (~> 10.0)
  true

BUNDLED WITH
   2.0.1
